GIT
  remote: git://github.com/jnicklas/carrierwave.git
  revision: a2c93fe1a9d3a3f60d1662e5ec34fdba7bf2b304
  specs:
    carrierwave (0.10.0)
      activemodel (>= 4.0.0)
      activesupport (>= 4.0.0)
      mime-types (>= 1.16)

GEM
  remote: https://rubygems.org/
  remote: https://rails-assets.org/
  specs:
    actionmailer (4.2.0)
      actionpack (= 4.2.0)
      actionview (= 4.2.0)
      activejob (= 4.2.0)
      mail (~> 2.5, >= 2.5.4)
      rails-dom-testing (~> 1.0, >= 1.0.5)
    actionpack (4.2.0)
      actionview (= 4.2.0)
      activesupport (= 4.2.0)
      rack (~> 1.6.0)
      rack-test (~> 0.6.2)
      rails-dom-testing (~> 1.0, >= 1.0.5)
      rails-html-sanitizer (~> 1.0, >= 1.0.1)
    actionview (4.2.0)
      activesupport (= 4.2.0)
      builder (~> 3.1)
      erubis (~> 2.7.0)
      rails-dom-testing (~> 1.0, >= 1.0.5)
      rails-html-sanitizer (~> 1.0, >= 1.0.1)
    activejob (4.2.0)
      activesupport (= 4.2.0)
      globalid (>= 0.3.0)
    activemodel (4.2.0)
      activesupport (= 4.2.0)
      builder (~> 3.1)
    activerecord (4.2.0)
      activemodel (= 4.2.0)
      activesupport (= 4.2.0)
      arel (~> 6.0)
    activesupport (4.2.0)
      i18n (~> 0.7)
      json (~> 1.7, >= 1.7.7)
      minitest (~> 5.1)
      thread_safe (~> 0.3, >= 0.3.4)
      tzinfo (~> 1.1)
    arel (6.0.3)
    bcrypt (3.1.11)
    better_errors (2.1.1)
      coderay (>= 1.0.0)
      erubis (>= 2.6.6)
      rack (>= 0.9.0)
    binding_of_caller (0.7.2)
      debug_inspector (>= 0.0.1)
    blankslate (3.1.3)
    bootstrap-tooltip-rails (0.1)
      rails (>= 3.1)
      thor
    builder (3.2.2)
    byebug (8.2.2)
    cancancan (1.13.1)
    ckeditor (4.1.6)
      cocaine
      orm_adapter (~> 0.5.0)
    climate_control (0.0.3)
      activesupport (>= 3.0)
    cocaine (0.5.8)
      climate_control (>= 0.0.3, < 1.0)
    coderay (1.1.1)
    coffee-rails (4.1.1)
      coffee-script (>= 2.2.0)
      railties (>= 4.0.0, < 5.1.x)
    coffee-script (2.4.1)
      coffee-script-source
      execjs
    coffee-script-source (1.10.0)
    concurrent-ruby (1.0.1)
    crass (1.0.2)
    debug_inspector (0.0.2)
    devise (3.5.6)
      bcrypt (~> 3.0)
      orm_adapter (~> 0.1)
      railties (>= 3.2.6, < 5)
      responders
      thread_safe (~> 0.1)
      warden (~> 1.2.3)
    devise_invitable (1.5.5)
      actionmailer (>= 3.2.6, < 5)
      devise (>= 3.2.0)
    encryptor (2.0.0)
    erubis (2.7.0)
    exception_handler (0.4.7)
    execjs (2.6.0)
    fancybox2-rails (0.2.8)
      railties (>= 3.1.0, < 5.0)
    faraday (0.9.2)
      multipart-post (>= 1.2, < 3)
    faraday_middleware (0.10.0)
      faraday (>= 0.7.4, < 0.10)
    faraday_middleware-multi_json (0.0.6)
      faraday_middleware
      multi_json
    globalid (0.3.6)
      activesupport (>= 4.1.0)
    google-analytics-rails (1.1.0)
    groupify (0.7.1)
    i18n (0.7.0)
    jbuilder (2.4.1)
      activesupport (>= 3.0.0, < 5.1)
      multi_json (~> 1.2)
    jquery-minicolors-rails (2.2.3.0)
      jquery-rails
      rails (>= 3.2.8)
    jquery-modal-rails (0.0.4)
      jquery-ui-rails
      railties (>= 3.2.0, < 5.0)
      thor (~> 0.14)
      uuidtools
    jquery-rails (4.1.1)
      rails-dom-testing (>= 1, < 3)
      railties (>= 4.2.0)
      thor (>= 0.14, < 2.0)
    jquery-ui-rails (5.0.5)
      railties (>= 3.2.16)
    json (1.8.3)
    loofah (2.0.3)
      nokogiri (>= 1.5.9)
    mail (2.6.4)
      mime-types (>= 1.16, < 4)
    mime-types (3.0)
      mime-types-data (~> 3.2015)
    mime-types-data (3.2016.0221)
    mimemagic (0.3.0)
    mini_portile2 (2.0.0)
    minitest (5.8.4)
    multi_json (1.11.2)
    multipart-post (2.0.0)
    nokogiri (1.6.7.2)
      mini_portile2 (~> 2.0.0.rc2)
    nokogumbo (1.4.7)
      nokogiri
    orm_adapter (0.5.0)
    paperclip (4.3.6)
      activemodel (>= 3.2.0)
      activesupport (>= 3.2.0)
      cocaine (~> 0.5.5)
      mime-types
      mimemagic (= 0.3.0)
    parslet (1.7.1)
      blankslate (>= 2.0, <= 4.0)
    pg (0.18.4)
    rack (1.6.4)
    rack-test (0.6.3)
      rack (>= 1.0)
    rails (4.2.0)
      actionmailer (= 4.2.0)
      actionpack (= 4.2.0)
      actionview (= 4.2.0)
      activejob (= 4.2.0)
      activemodel (= 4.2.0)
      activerecord (= 4.2.0)
      activesupport (= 4.2.0)
      bundler (>= 1.3.0, < 2.0)
      railties (= 4.2.0)
      sprockets-rails
    rails-assets-datetimepicker (2.5.1)
      rails-assets-jquery (>= 1.7.2)
      rails-assets-jquery-mousewheel (>= 3.1.13)
      rails-assets-php-date-formatter (>= 1.3.3)
    rails-assets-jquery (2.2.2)
    rails-assets-jquery-mousewheel (3.1.13)
      rails-assets-jquery (>= 1.2.2)
    rails-assets-php-date-formatter (1.3.3)
    rails-deprecated_sanitizer (1.0.3)
      activesupport (>= 4.2.0.alpha)
    rails-dom-testing (1.0.7)
      activesupport (>= 4.2.0.beta, < 5.0)
      nokogiri (~> 1.6.0)
      rails-deprecated_sanitizer (>= 1.0.1)
    rails-file-icons (0.0.1)
    rails-html-sanitizer (1.0.3)
      loofah (~> 2.0)
    rails-jquery-autocomplete (1.0.3)
      rails (>= 3.2)
    rails_layout (1.0.29)
    railties (4.2.0)
      actionpack (= 4.2.0)
      activesupport (= 4.2.0)
      rake (>= 0.8.7)
      thor (>= 0.18.1, < 2.0)
    rake (11.1.1)
    randexp (0.1.7)
    rdoc (4.2.2)
      json (~> 1.4)
    responders (2.1.2)
      railties (>= 4.2.0, < 5.1)
    rolify (5.1.0)
    rotp (2.1.1)
    ruby-ole (1.2.12)
    sanitize (4.0.1)
      crass (~> 1.0.2)
      nokogiri (>= 1.4.4)
      nokogumbo (~> 1.4.1)
    sass (3.4.21)
    sass-rails (5.0.4)
      railties (>= 4.0.0, < 5.0)
      sass (~> 3.1)
      sprockets (>= 2.8, < 4.0)
      sprockets-rails (>= 2.0, < 4.0)
      tilt (>= 1.1, < 3)
    sdoc (0.4.1)
      json (~> 1.7, >= 1.7.7)
      rdoc (~> 4.0)
    shortcode (1.1.1)
      parslet (= 1.7.1)
    spreadsheet (1.1.1)
      ruby-ole (>= 1.0)
    spring (1.6.4)
    sprockets (3.5.2)
      concurrent-ruby (~> 1.0)
      rack (> 1, < 3)
    sprockets-rails (3.0.4)
      actionpack (>= 4.0)
      activesupport (>= 4.0)
      sprockets (>= 3.0.0)
    thor (0.19.1)
    thread_safe (0.3.5)
    tilt (2.0.2)
    to_xls-rails (1.3.1)
      spreadsheet (>= 0.8.5)
    turbolinks (2.5.3)
      coffee-rails
    two_factor_authentication (1.1.5)
      devise
      encryptor
      rails (>= 3.1.1)
      randexp
      rotp
    tzinfo (1.2.2)
      thread_safe (~> 0.1)
    uglifier (3.0.0)
      execjs (>= 0.3.0, < 3)
    uuidtools (2.1.5)
    warden (1.2.6)
      rack (>= 1.0)
    web-console (2.3.0)
      activemodel (>= 4.0)
      binding_of_caller (>= 0.7.2)
      railties (>= 4.0)
      sprockets-rails (>= 2.0, < 4.0)
    wicked_pdf (1.0.4)
    will_paginate (3.0.7)
    wkhtmltopdf-binary (0.9.9.3)

PLATFORMS
  ruby

DEPENDENCIES
  better_errors
  bootstrap-tooltip-rails
  byebug
  cancancan
  carrierwave!
  ckeditor
  coffee-rails (~> 4.1.0)
  devise
  devise_invitable
  exception_handler (~> 0.4.7)
  fancybox2-rails (~> 0.2.8)
  faraday_middleware (~> 0.10.0)
  faraday_middleware-multi_json
  google-analytics-rails (= 1.1.0)
  groupify
  jbuilder (~> 2.0)
  jquery-minicolors-rails
  jquery-modal-rails
  jquery-rails
  jquery-ui-rails
  paperclip (~> 4.3)
  pg
  rails (= 4.2.0)
  rails-assets-datetimepicker!
  rails-file-icons
  rails-jquery-autocomplete
  rails_layout
  rolify
  sanitize
  sass-rails (~> 5.0)
  sdoc (~> 0.4.0)
  shortcode
  spring
  to_xls-rails
  turbolinks
  two_factor_authentication
  uglifier (>= 1.3.0)
  web-console (~> 2.0)
  wicked_pdf
  will_paginate (~> 3.0.6)
  wkhtmltopdf-binary

BUNDLED WITH
   1.11.2
